GEM
  remote: https://rubygems.org/
  specs:
    aws-sdk (2.9.28)
      aws-sdk-resources (= 2.9.28)
    aws-sdk-core (2.9.28)
      aws-sigv4 (~> 1.0)
      jmespath (~> 1.0)
    aws-sdk-resources (2.9.28)
      aws-sdk-core (= 2.9.28)
    aws-sigv4 (1.0.0)
    coderay (1.1.1)
    confstruct (1.0.2)
      hashie (~> 3.3)
    eventide-postgres (0.2.0.2)
      evt-consumer-postgres
      evt-entity_snapshot-postgres
      evt-entity_store
    evt-async_invocation (0.1.0.4)
    evt-attribute (0.1.3.5)
    evt-casing (0.3.0.3)
    evt-clock (0.4.0.6)
      naught
      tzinfo
    evt-component_host (0.1.0.3)
      evt-async_invocation
      evt-casing
      evt-log
      evt-virtual
      ntl-actor
    evt-configure (0.1.2.5)
    evt-consumer (0.5.0.4)
      evt-configure
      evt-cycle
      evt-messaging
      ntl-actor
    evt-consumer-postgres (0.2.0.3)
      evt-consumer
      evt-messaging-postgres
    evt-cycle (0.3.0.3)
      evt-clock
      evt-initializer
      evt-log
      evt-telemetry
    evt-dependency (0.1.0.4)
      evt-subst_attr
    evt-entity_cache (0.11.1.4)
      evt-clock
      evt-configure
      evt-identifier-uuid
      evt-log
      evt-settings
      evt-telemetry
      evt-virtual
    evt-entity_projection (0.3.0.3)
      evt-messaging
    evt-entity_snapshot-postgres (0.2.0.3)
      evt-entity_store
      evt-messaging-postgres
    evt-entity_store (0.4.0.3)
      evt-entity_cache
      evt-entity_projection
    evt-identifier-uuid (0.1.1.3)
      naught
    evt-initializer (0.1.0.2)
      evt-attribute
    evt-log (0.4.3.5)
      evt-clock
      evt-dependency
      evt-initializer
      evt-telemetry
      terminal_colors
    evt-message_store (0.2.0.2)
      evt-async_invocation
      evt-casing
      evt-identifier-uuid
      evt-initializer
      evt-schema
      evt-transform
      evt-virtual
    evt-message_store-postgres (0.3.0.2)
      evt-log
      evt-message_store
      evt-settings
      pg
    evt-messaging (0.16.0.1)
      evt-message_store
    evt-messaging-postgres (0.7.0.2)
      evt-message_store-postgres
      evt-messaging
    evt-schema (0.6.1.1)
      evt-attribute
      evt-set_attributes
      evt-validate
      evt-virtual
    evt-set_attributes (0.3.0.2)
    evt-settings (0.2.0.5)
      confstruct
      evt-casing
      evt-log
    evt-subst_attr (0.1.0.2)
      evt-attribute
      naught
    evt-telemetry (0.3.0.2)
      evt-clock
      evt-dependency
    evt-transform (0.1.1.5)
      evt-log
    evt-validate (0.3.1.5)
    evt-virtual (0.1.0.2)
    hashie (3.5.5)
    jmespath (1.3.1)
    method_source (0.8.2)
    naught (1.1.0)
    ntl-actor (1.2.3)
    pg (0.20.0)
    pry (0.10.4)
      coderay (~> 1.1.0)
      method_source (~> 0.8.1)
      slop (~> 3.4)
    slop (3.6.0)
    terminal_colors (0.0.0)
    test_bench (1.3.3)
    thread_safe (0.3.6)
    tzinfo (1.2.3)
      thread_safe (~> 0.1)

PLATFORMS
  ruby

DEPENDENCIES
  aws-sdk
  eventide-postgres
  evt-component_host
  evt-consumer-postgres
  pry
  test_bench

BUNDLED WITH
   1.14.6
